GEM
  remote: https://rubygems.org/
  specs:
    ethon (0.7.3)
      ffi (>= 1.3.0)
    ffi (1.9.8)
    google-search (1.0.3)
      json
    json (1.8.2)
    market_bot (0.14.0)
      nokogiri
      typhoeus (>= 0.6.0)
    mini_portile (0.6.2)
    nokogiri (1.6.6.2)
      mini_portile (~> 0.6.0)
    typhoeus (0.7.1)
      ethon (>= 0.7.1)

PLATFORMS
  ruby

DEPENDENCIES
  google-search
  market_bot
